GEM
  remote: https://rubygems.org/
  specs:
    concurrent-ruby (1.3.3)
    connection_pool (2.4.1)
    nio4r (2.7.3)
    puma (6.4.2)
      nio4r (~> 2.0)
    rack (3.1.3)
    redis-client (0.22.2)
      connection_pool
    sidekiq (7.2.4)
      concurrent-ruby (< 2)
      connection_pool (>= 2.3.0)
      rack (>= 2.2.4)
      redis-client (>= 0.19.0)

PLATFORMS
  ruby
  x86_64-linux-musl

DEPENDENCIES
  concurrent-ruby
  puma
  sidekiq

BUNDLED WITH
   2.5.11
